GEM
  remote: https://rubygems.org/
  specs:
    progressbar (0.21.0)
    simple-rss (1.3.1)

PLATFORMS
  ruby

DEPENDENCIES
  progressbar
  simple-rss
